PATH
  remote: ../padrino-framework
  specs:
    padrino (0.13.0.rc1)
      padrino-admin (= 0.13.0.rc1)
      padrino-cache (= 0.13.0.rc1)
      padrino-core (= 0.13.0.rc1)
      padrino-gen (= 0.13.0.rc1)
      padrino-helpers (= 0.13.0.rc1)
      padrino-mailer (= 0.13.0.rc1)
      padrino-support (= 0.13.0.rc1)
    padrino-admin (0.13.0.rc1)
      padrino-core (= 0.13.0.rc1)
      padrino-helpers (= 0.13.0.rc1)
    padrino-cache (0.13.0.rc1)
      moneta (~> 0.7.0)
      padrino-core (= 0.13.0.rc1)
      padrino-helpers (= 0.13.0.rc1)
    padrino-core (0.13.0.rc1)
      activesupport (>= 3.1)
      mustermann19
      padrino-support (= 0.13.0.rc1)
      rack-protection (>= 1.5.0)
      sinatra (~> 1.4.2)
      thor (~> 0.18)
    padrino-gen (0.13.0.rc1)
      bundler (~> 1.0)
      padrino-core (= 0.13.0.rc1)
    padrino-helpers (0.13.0.rc1)
      i18n (~> 0.6, >= 0.6.7)
      padrino-support (= 0.13.0.rc1)
      tilt (~> 1.4.1)
    padrino-mailer (0.13.0.rc1)
      mail (~> 2.5.3)
      padrino-core (= 0.13.0.rc1)
    padrino-support (0.13.0.rc1)
      activesupport (>= 3.1)

PATH
  remote: ../padrino-grape
  specs:
    padrino-grape (1.1.0)
      grape
      grape-reload
      padrino
      rack

GEM
  remote: https://rubygems.org/
  specs:
    activemodel (4.2.0)
      activesupport (= 4.2.0)
      builder (~> 3.1)
    activerecord (4.2.0)
      activemodel (= 4.2.0)
      activesupport (= 4.2.0)
      arel (~> 6.0)
    activesupport (4.2.0)
      i18n (~> 0.7)
      json (~> 1.7, >= 1.7.7)
      minitest (~> 5.1)
      thread_safe (~> 0.3, >= 0.3.4)
      tzinfo (~> 1.1)
    arel (6.0.0)
    axiom-types (0.1.1)
      descendants_tracker (~> 0.0.4)
      ice_nine (~> 0.11.0)
      thread_safe (~> 0.3, >= 0.3.1)
    builder (3.2.2)
    coderay (1.1.0)
    coercible (1.0.0)
      descendants_tracker (~> 0.0.1)
    daemons (1.1.9)
    descendants_tracker (0.0.4)
      thread_safe (~> 0.3, >= 0.3.1)
    enumerable-lazy (0.0.1)
    equalizer (0.0.9)
    eventmachine (1.0.4)
    grape (0.10.1)
      activesupport
      builder
      hashie (>= 2.1.0)
      multi_json (>= 1.3.2)
      multi_xml (>= 0.5.2)
      rack (>= 1.3.0)
      rack-accept
      rack-mount
      virtus (>= 1.0.0)
    grape-entity (0.4.4)
      activesupport
      multi_json (>= 1.3.2)
    grape-reload (0.0.4)
      grape (~> 0.9)
      rack (~> 1.5.2)
    grape-swagger (0.9.0)
      grape (>= 0.8.0)
      grape-entity
    haml (4.0.6)
      tilt
    hashie (3.3.2)
    i18n (0.7.0)
    ice_nine (0.11.1)
    json (1.8.1)
    mail (2.5.4)
      mime-types (~> 1.16)
      treetop (~> 1.4.8)
    method_source (0.8.2)
    mime-types (1.25.1)
    minitest (5.5.0)
    moneta (0.7.20)
    multi_json (1.10.1)
    multi_xml (0.5.5)
    mustermann19 (0.4.0)
      enumerable-lazy
    mysql2 (0.3.17)
    polyglot (0.3.5)
    pry (0.10.1)
      coderay (~> 1.1.0)
      method_source (~> 0.8.1)
      slop (~> 3.4)
    rack (1.5.2)
    rack-accept (0.4.5)
      rack (>= 0.4)
    rack-mount (0.8.3)
      rack (>= 1.0.0)
    rack-protection (1.5.3)
      rack
    rake (10.4.2)
    sass (3.4.9)
    sinatra (1.4.5)
      rack (~> 1.4)
      rack-protection (~> 1.4)
      tilt (~> 1.3, >= 1.3.4)
    slop (3.6.0)
    thin (1.6.3)
      daemons (~> 1.0, >= 1.0.9)
      eventmachine (~> 1.0)
      rack (~> 1.0)
    thor (0.19.1)
    thread_safe (0.3.4)
    tilt (1.4.1)
    treetop (1.4.15)
      polyglot
      polyglot (>= 0.3.1)
    tzinfo (1.2.2)
      thread_safe (~> 0.1)
    virtus (1.0.4)
      axiom-types (~> 0.1)
      coercible (~> 1.0)
      descendants_tracker (~> 0.0, >= 0.0.3)
      equalizer (~> 0.0, >= 0.0.9)

PLATFORMS
  ruby

DEPENDENCIES
  activerecord (>= 4.2)
  grape
  grape-swagger
  haml
  mysql2
  padrino!
  padrino-grape!
  pry
  rake
  sass
  thin
